GEM
  remote: https://rubygems.org/
  specs:
    activesupport (5.1.1)
      concurrent-ruby (~> 1.0, >= 1.0.2)
      i18n (~> 0.7)
      minitest (~> 5.1)
      tzinfo (~> 1.1)
    concurrent-ruby (1.0.5)
    i18n (0.8.1)
    minitest (5.10.2)
    numbers_in_words (0.4.0)
      activesupport
    thread_safe (0.3.6)
    tzinfo (1.2.3)
      thread_safe (~> 0.1)

PLATFORMS
  ruby

DEPENDENCIES
  numbers_in_words

BUNDLED WITH
   1.15.0
